NUGET
  remote: https://artifacts.sonova.com/artifactory/api/nuget/components-production
  specs:
    Sonova.ToolBox.Cmd (2.5.0)
    Sonova.ToolBox.Gui (2.5.0)
