NUGET
  remote: https://artifacts.sonova.com/artifactory/api/nuget/components-production
    Sonova.ToolBox.Cmd (2.3.3)
    Sonova.ToolBox.Gui (2.3.3)
