NUGET
  remote: https://artifacts.sonova.com/artifactory/api/nuget/components-production
    NUnit.Console (3.7.0)
      NUnit.ConsoleRunner (>= 3.7)
      NUnit.Extension.NUnitProjectLoader (>= 3.5)
      NUnit.Extension.NUnitV2Driver (>= 3.6)
      NUnit.Extension.NUnitV2ResultWriter (>= 3.5)
      NUnit.Extension.TeamCityEventListener (>= 1.0.2)
      NUnit.Extension.VSProjectLoader (>= 3.5)
    NUnit.ConsoleRunner (3.7.0)
    NUnit.Extension.NUnitProjectLoader (3.6.0)
    NUnit.Extension.NUnitV2Driver (3.7.0)
    NUnit.Extension.NUnitV2ResultWriter (3.6.0)
    NUnit.Extension.TeamCityEventListener (1.0.2)
    NUnit.Extension.VSProjectLoader (3.6.0)
    Sonova.ToolBox.Cmd (3.7.3)
    Sonova.ToolBox.ComponentFramework.Plugin.Packaging (3.7.3)
    Sonova.ToolBox.ComponentFramework.Plugin.Platform (3.7.3)
    Sonova.ToolBox.General.Plugin.ArchiCop (3.7.3)
    Sonova.ToolBox.General.Plugin.BuildCop (3.7.3)
    Sonova.ToolBox.General.Plugin.Builder (3.7.3)
    Sonova.ToolBox.General.Plugin.LocalDebug (3.7.3)
    Sonova.ToolBox.General.Plugin.TestRunner (3.7.3)
    Sonova.ToolBox.General.Plugin.Workflow (3.7.3)
    Sonova.ToolBox.Gui (3.7.3)
