NUGET
  remote: https://artifacts.sonova.com/artifactory/api/nuget/components-production
    Sonova.ToolBox.Cmd (3.0.2)
    Sonova.ToolBox.ComponentFramework.Plugin.Packaging (3.0.2)
    Sonova.ToolBox.ComponentFramework.Plugin.Platform (3.0.2)
    Sonova.ToolBox.General.Plugin.ArchiCop (3.0.2)
    Sonova.ToolBox.General.Plugin.BuildCop (3.0.2)
    Sonova.ToolBox.General.Plugin.Builder (3.0.2)
    Sonova.ToolBox.General.Plugin.LocalDebug (3.0.2)
    Sonova.ToolBox.General.Plugin.TestRunner (3.0.2)
    Sonova.ToolBox.General.Plugin.Workflow (3.0.2)
    Sonova.ToolBox.Gui (3.0.2)
