NUGET
  remote: https://artifacts.sonova.com/artifactory/api/nuget/components-production
    Sonova.ToolBox.Cmd (3.1.0)
    Sonova.ToolBox.ComponentFramework.Plugin.Packaging (3.1.0)
    Sonova.ToolBox.ComponentFramework.Plugin.Platform (3.1.0)
    Sonova.ToolBox.General.Plugin.ArchiCop (3.1.0)
    Sonova.ToolBox.General.Plugin.BuildCop (3.1.0)
    Sonova.ToolBox.General.Plugin.Builder (3.1.0)
    Sonova.ToolBox.General.Plugin.LocalDebug (3.1.0)
    Sonova.ToolBox.General.Plugin.TestRunner (3.1.0)
    Sonova.ToolBox.General.Plugin.Workflow (3.1.0)
    Sonova.ToolBox.Gui (3.1.0)
