STORAGE: PACKAGES
RESTRICTION: == net461
NUGET
  remote: https://api.nuget.org/v3/index.json
    Nunit.Console (3.8)
      NUnit.ConsoleRunner (>= 3.8)
      NUnit.Extension.NUnitProjectLoader (>= 3.5)
      NUnit.Extension.NUnitV2Driver (>= 3.6)
      NUnit.Extension.NUnitV2ResultWriter (>= 3.5)
      NUnit.Extension.TeamCityEventListener (>= 1.0.3)
      NUnit.Extension.VSProjectLoader (>= 3.7)
    NUnit.ConsoleRunner (3.8)
    NUnit.Extension.NUnitProjectLoader (3.6)
    NUnit.Extension.NUnitV2Driver (3.7)
    NUnit.Extension.NUnitV2ResultWriter (3.6)
    NUnit.Extension.TeamCityEventListener (1.0.3)
    NUnit.Extension.VSProjectLoader (3.7)
  remote: http://artifacts-pcsw.sonova.com/nuget/components-production-local
    Sonova.ToolBox.Cmd (4.2.1)
    Sonova.ToolBox.ComponentFramework.Plugin.Packaging (4.2.1)
    Sonova.ToolBox.ComponentFramework.Plugin.Platform (4.2.1)
    Sonova.ToolBox.General.Plugin.ArchiCop (4.2.1)
    Sonova.ToolBox.General.Plugin.BuildCop (4.2.1)
    Sonova.ToolBox.General.Plugin.Builder (4.2.1)
    Sonova.ToolBox.General.Plugin.LocalDebug (4.2.1)
    Sonova.ToolBox.General.Plugin.TestRunner (4.2.1)
    Sonova.ToolBox.General.Plugin.Workflow (4.2.1)
    Sonova.ToolBox.Gui (4.2.1)
